GEM
  remote: https://rubygems.org/
  specs:
    bson (2.2.2)
    diff-lcs (1.2.5)
    rack (1.5.2)
    rack-test (0.6.2)
      rack (>= 1.0)
    rspec (3.0.0.beta2)
      rspec-core (= 3.0.0.beta2)
      rspec-expectations (= 3.0.0.beta2)
      rspec-mocks (= 3.0.0.beta2)
    rspec-core (3.0.0.beta2)
      rspec-support (= 3.0.0.beta2)
    rspec-expectations (3.0.0.beta2)
      diff-lcs (>= 1.2.0, < 2.0)
      rspec-support (= 3.0.0.beta2)
    rspec-mocks (3.0.0.beta2)
      rspec-support (= 3.0.0.beta2)
    rspec-support (3.0.0.beta2)

PLATFORMS
  ruby

DEPENDENCIES
  bson (= 2.2.2)
  rack-test (= 0.6.2)
  rspec (= 3.0.0.beta2)
